GEM
  remote: https://rubygems.org/
  specs:
    actionview (6.0.3.1)
      activesupport (= 6.0.3.1)
      builder (~> 3.1)
      erubi (~> 1.4)
      rails-dom-testing (~> 2.0)
      rails-html-sanitizer (~> 1.1, >= 1.2.0)
    activesupport (6.0.3.1)
      concurrent-ruby (~> 1.0, >= 1.0.2)
      i18n (>= 0.7, < 2)
      minitest (~> 5.1)
      tzinfo (~> 1.1)
      zeitwerk (~> 2.2, >= 2.2.2)
    ast (2.4.0)
    bcrypt (3.1.13)
    better_html (1.0.15)
      actionview (>= 4.0)
      activesupport (>= 4.0)
      ast (~> 2.0)
      erubi (~> 1.4)
      html_tokenizer (~> 0.0.6)
      parser (>= 2.4)
      smart_properties
    bluecloth (2.2.0)
    builder (3.2.4)
    concurrent-ruby (1.1.6)
    conversio (0.1.2)
      bluecloth (>= 2.0.9)
      kramdown (>= 0.6.0)
    crass (1.0.6)
    erb_lint (0.0.33)
      activesupport
      better_html (~> 1.0.7)
      html_tokenizer
      rainbow
      rubocop (~> 0.79)
      smart_properties
    erubi (1.9.0)
    html_tokenizer (0.0.7)
    i18n (1.8.2)
      concurrent-ruby (~> 1.0)
    kramdown (2.2.1)
      rexml
    loofah (2.5.0)
      crass (~> 1.0.2)
    minitest (5.14.1)
    mustermann (2.0.2)
      ruby2_keywords (~> 0.0.1)
    parallel (1.19.1)
    params (1.1.0)
    parser (2.7.1.3)
      ast (~> 2.4.0)
    power_assert (1.2.0)
    rack (2.2.4)
    rack-protection (2.2.3)
      rack
    rails-dom-testing (2.0.3)
      activesupport (>= 4.2.0)
    rails-html-sanitizer (1.3.0)
      loofah (~> 2.3)
    rainbow (3.0.0)
    rexml (3.2.4)
    rubocop (0.84.0)
      parallel (~> 1.10)
      parser (>= 2.7.0.1)
      rainbow (>= 2.2.2, < 4.0)
      rexml
      rubocop-ast (>= 0.0.3)
      ruby-progressbar (~> 1.7)
      unicode-display_width (>= 1.4.0, < 2.0)
    rubocop-ast (0.0.3)
      parser (>= 2.7.0.1)
    ruby-progressbar (1.10.1)
    ruby2_keywords (0.0.5)
    sinatra (2.2.3)
      mustermann (~> 2.0)
      rack (~> 2.2)
      rack-protection (= 2.2.3)
      tilt (~> 2.0)
    smart_properties (1.15.0)
    test-unit (3.3.5)
      power_assert
    thread_safe (0.3.6)
    tilt (2.0.11)
    tzinfo (1.2.7)
      thread_safe (~> 0.1)
    unicode-display_width (1.7.0)
    zeitwerk (2.3.0)

PLATFORMS
  ruby

DEPENDENCIES
  bcrypt (~> 3.1)
  conversio (~> 0.1.2)
  erb_lint (~> 0.0.33)
  params (~> 1.1)
  sinatra (~> 2.2)
  test-unit (~> 3.3)

BUNDLED WITH
   1.17.3
